GIT
  remote: https://github.com/sophsec/wordlist
  revision: 5a48fb6bbd7662d987dd33f38d1db5c6869cc269
  specs:
    wordlist (0.1.1)
      spidr (~> 0.2)

GEM
  remote: https://rubygems.org/
  specs:
    mini_portile (0.5.0)
    nokogiri (1.6.0)
      mini_portile (~> 0.5.0)
    spidr (0.4.1)
      nokogiri (~> 1.3)

PLATFORMS
  ruby

DEPENDENCIES
  wordlist!
